GEM
  specs:
    addressable (2.3.2)
    colored (1.2)
    command_line_reporter (3.2.1)
      colored (>= 1.2)
    httparty (0.9.0)
      multi_json (~> 1.0)
      multi_xml
    json (1.4.6)
    multi_json (1.3.6)
    multi_xml (0.5.1)
    wunderground (1.0.0)
      addressable
      httparty (> 0.6.0)
      json (> 1.4.0)

PLATFORMS
  ruby

DEPENDENCIES
  command_line_reporter
  wunderground
