GEM
  remote: https://rubygems.org/
  specs:
    addressable (2.3.6)
    colored (1.2)
    command_line_reporter (3.3.1)
      colored (>= 1.2)
    httparty (0.13.1)
      json (~> 1.8)
      multi_xml (>= 0.5.2)
    json (1.8.1)
    multi_xml (0.5.5)
    wunderground (1.2.0)
      addressable
      httparty (> 0.6.0)
      json (> 1.4.0)

PLATFORMS
  ruby

DEPENDENCIES
  command_line_reporter
  wunderground
